GEM
  remote: https://rubygems.org/
  specs:
    iso_country_codes (0.4.4)
    mini_portile (0.6.0)
    nokogiri (1.6.3.1)
      mini_portile (= 0.6.0)

PLATFORMS
  ruby

DEPENDENCIES
  iso_country_codes
  nokogiri
