GIT
  remote: https://github.com/jpmckinney/csvlint.rb.git
  revision: 9dd4cbc1bddbc6aed35d0474fd3e29a5d158bdcc
  branch: speed
  specs:
    csvlint (0.0.1)
      activesupport
      addressable
      colorize
      mime-types
      open_uri_redirections

GEM
  remote: https://rubygems.org/
  specs:
    activesupport (4.1.7)
      i18n (~> 0.6, >= 0.6.9)
      json (~> 1.7, >= 1.7.7)
      minitest (~> 5.1)
      thread_safe (~> 0.1)
      tzinfo (~> 1.1)
    addressable (2.3.6)
    colorize (0.7.3)
    i18n (0.6.11)
    json (1.8.1)
    mime-types (2.4.3)
    minitest (5.4.2)
    open_uri_redirections (0.1.4)
    thread_safe (0.3.4)
    tzinfo (1.2.2)
      thread_safe (~> 0.1)

PLATFORMS
  ruby

DEPENDENCIES
  csvlint!
