GIT
  remote: https://github.com/jpmckinney/csvlint.rb.git
  revision: d807200d6d48002cd21ebddeabc857eaf8c6b534
  branch: hotfix
  specs:
    csvlint (0.1.0)
      activesupport
      addressable
      colorize
      fastcsv
      mime-types
      open_uri_redirections

GEM
  remote: https://rubygems.org/
  specs:
    activesupport (4.2.0)
      i18n (~> 0.7)
      json (~> 1.7, >= 1.7.7)
      minitest (~> 5.1)
      thread_safe (~> 0.3, >= 0.3.4)
      tzinfo (~> 1.1)
    addressable (2.3.7)
    colorize (0.7.5)
    fastcsv (0.0.6)
    i18n (0.7.0)
    json (1.8.2)
    mime-types (2.4.3)
    minitest (5.5.1)
    open_uri_redirections (0.2.1)
    thread_safe (0.3.4)
    tzinfo (1.2.2)
      thread_safe (~> 0.1)

PLATFORMS
  ruby

DEPENDENCIES
  csvlint!
